PATH
  remote: .
  specs:
    medusa_storage (0.1.5)
      aws-sdk-s3
      parallel (~> 1.12)

GEM
  remote: https://rubygems.org/
  specs:
    aws-eventstream (1.0.0)
    aws-partitions (1.91.0)
    aws-sdk-core (3.21.2)
      aws-eventstream (~> 1.0)
      aws-partitions (~> 1.0)
      aws-sigv4 (~> 1.0)
      jmespath (~> 1.0)
    aws-sdk-kms (1.5.0)
      aws-sdk-core (~> 3)
      aws-sigv4 (~> 1.0)
    aws-sdk-s3 (1.14.0)
      aws-sdk-core (~> 3, >= 3.21.2)
      aws-sdk-kms (~> 1)
      aws-sigv4 (~> 1.0)
    aws-sigv4 (1.0.2)
    jmespath (1.4.0)
    parallel (1.12.1)
    rake (10.5.0)

PLATFORMS
  ruby

DEPENDENCIES
  bundler (~> 1.16)
  medusa_storage!
  rake (~> 10.0)

BUNDLED WITH
   1.16.0
