PATH
  remote: .
  specs:
    medusa_storage (0.4.0)
      aws-sdk-s3
      hex_string
      io-like
      parallel (~> 1.12)

GEM
  remote: https://rubygems.org/
  specs:
    aws-eventstream (1.0.1)
    aws-partitions (1.102.0)
    aws-sdk-core (3.27.0)
      aws-eventstream (~> 1.0)
      aws-partitions (~> 1.0)
      aws-sigv4 (~> 1.0)
      jmespath (~> 1.0)
    aws-sdk-kms (1.9.0)
      aws-sdk-core (~> 3, >= 3.26.0)
      aws-sigv4 (~> 1.0)
    aws-sdk-s3 (1.19.0)
      aws-sdk-core (~> 3, >= 3.26.0)
      aws-sdk-kms (~> 1)
      aws-sigv4 (~> 1.0)
    aws-sigv4 (1.0.3)
    docile (1.3.1)
    hex_string (1.0.1)
    io-like (0.3.0)
    jmespath (1.4.0)
    json (2.1.0)
    minitest (5.11.3)
    parallel (1.12.1)
    rake (10.5.0)
    simplecov (0.16.1)
      docile (~> 1.1)
      json (>= 1.8, < 3)
      simplecov-html (~> 0.10.0)
    simplecov-html (0.10.2)

PLATFORMS
  ruby

DEPENDENCIES
  bundler (~> 1.16)
  medusa_storage!
  minitest
  rake (~> 10.0)
  simplecov

BUNDLED WITH
   1.16.0
